GEM
  remote: https://rubygems.org/
  specs:
    base64 (0.2.0)
    faraday (0.15.4)
      multipart-post (>= 1.2, < 3)
    logger (1.6.6)
    multipart-post (2.1.1)
    mustermann (3.0.3)
      ruby2_keywords (~> 0.0.1)
    rack (3.1.14)
    rack-protection (4.1.0)
      base64 (>= 0.1.0)
      logger (>= 1.6.0)
      rack (>= 3.0.0, < 4)
    rack-session (2.1.0)
      base64 (>= 0.1.0)
      rack (>= 3.0.0)
    ruby2_keywords (0.0.5)
    sinatra (4.1.0)
      logger (>= 1.6.0)
      mustermann (~> 3.0)
      rack (>= 3.0.0, < 4)
      rack-protection (= 4.1.0)
      rack-session (>= 2.0.0, < 3)
      tilt (~> 2.0)
    tilt (2.6.0)

PLATFORMS
  ruby

DEPENDENCIES
  faraday
  rack
  sinatra

BUNDLED WITH
   2.4.21
